GEM
  remote: https://rubygems.org/
  specs:
    ast (2.4.0)
    backports (3.16.1)
    carriage (1.3.0)
    coderay (1.1.2)
    erubi (1.9.0)
    jaro_winkler (1.5.4)
    method_source (0.9.2)
    minitest (5.14.0)
    multi_json (1.14.1)
    mustermann (1.1.1)
      ruby2_keywords (~> 0.0.1)
    parallel (1.19.1)
    parser (2.7.0.2)
      ast (~> 2.4.0)
    pg (1.2.2)
    pry (0.12.2)
      coderay (~> 1.1.0)
      method_source (~> 0.9.0)
    rack (2.2.2)
    rack-protection (2.0.8.1)
      rack
    rack-ssl-enforcer (0.2.9)
    rainbow (3.0.0)
    rubocop (0.79.0)
      jaro_winkler (~> 1.5.1)
      parallel (~> 1.10)
      parser (>= 2.7.0.1)
      rainbow (>= 2.2.2, < 4.0)
      ruby-progressbar (~> 1.7)
      unicode-display_width (>= 1.4.0, < 1.7)
    rubocop-performance (1.5.2)
      rubocop (>= 0.71.0)
    ruby-progressbar (1.10.1)
    ruby2_keywords (0.0.2)
    sequel (5.29.0)
    sinatra (2.0.8.1)
      mustermann (~> 1.0)
      rack (~> 2.0)
      rack-protection (= 2.0.8.1)
      tilt (~> 2.0)
    sinatra-contrib (2.0.8.1)
      backports (>= 2.8.2)
      multi_json
      mustermann (~> 1.0)
      rack-protection (= 2.0.8.1)
      sinatra (= 2.0.8.1)
      tilt (~> 2.0)
    sqlite3 (1.4.2)
    standard (0.1.9)
      rubocop (~> 0.79.0)
      rubocop-performance (~> 1.5.1)
    tilt (2.0.10)
    unicode-display_width (1.6.1)

PLATFORMS
  ruby

DEPENDENCIES
  carriage
  erubi
  minitest
  pg
  pry
  rack-ssl-enforcer
  sequel
  sinatra
  sinatra-contrib (~> 2.0, >= 2.0.8.1)
  sqlite3
  standard

RUBY VERSION
   ruby 2.7.0p0

BUNDLED WITH
   2.1.4
