GEM
  remote: https://rubygems.org/
  specs:
    backports (3.16.0)
    coderay (1.1.2)
    method_source (0.9.2)
    multi_json (1.14.1)
    mustermann (1.1.1)
      ruby2_keywords (~> 0.0.1)
    pry (0.12.2)
      coderay (~> 1.1.0)
      method_source (~> 0.9.0)
    rack (2.2.2)
    rack-protection (2.0.8.1)
      rack
    rack-ssl-enforcer (0.2.9)
    ruby2_keywords (0.0.2)
    sinatra (2.0.8.1)
      mustermann (~> 1.0)
      rack (~> 2.0)
      rack-protection (= 2.0.8.1)
      tilt (~> 2.0)
    sinatra-contrib (2.0.8.1)
      backports (>= 2.8.2)
      multi_json
      mustermann (~> 1.0)
      rack-protection (= 2.0.8.1)
      sinatra (= 2.0.8.1)
      tilt (~> 2.0)
    tilt (2.0.10)

PLATFORMS
  ruby

DEPENDENCIES
  pry
  rack-ssl-enforcer
  sinatra
  sinatra-contrib (~> 2.0, >= 2.0.8.1)

RUBY VERSION
   ruby 2.7.0p0

BUNDLED WITH
   2.1.4
